PATH
  remote: /mnt/hgfs/Code/read/sprockets
  specs:
    sprockets (2.2.2)
      hike (~> 1.2)
      multi_json (~> 1.0)
      rack (~> 1.0)
      tilt (~> 1.1, != 1.3.0)

GEM
  remote: http://rubygems.org/
  specs:
    activesupport (3.2.13)
      i18n (= 0.6.1)
      multi_json (~> 1.0)
    bson (1.8.5)
    bson_ext (1.8.5)
      bson (~> 1.8.5)
    coderay (1.0.9)
    coffee-script (2.2.0)
      coffee-script-source
      execjs
    coffee-script-source (1.6.2)
    diff-lcs (1.1.3)
    execjs (1.4.0)
      multi_json (~> 1.0)
    facets (2.9.3)
    fattr (2.2.1)
    ffi (1.8.1)
    formatador (0.2.4)
    git (1.2.5)
    guard (1.8.0)
      formatador (>= 0.2.4)
      listen (>= 1.0.0)
      lumberjack (>= 1.0.2)
      pry (>= 0.9.10)
      thor (>= 0.14.6)
    hike (1.2.2)
    i18n (0.6.1)
    jeweler (1.8.4)
      bundler (~> 1.0)
      git (>= 1.2.5)
      rake
      rdoc
    json (1.7.7)
    libv8 (3.11.8.17)
    listen (1.0.2)
      rb-fsevent (>= 0.9.3)
      rb-inotify (>= 0.9)
      rb-kqueue (>= 0.2)
    lre (0.3.0)
      fattr
      mharris_ext
      watchr
    lumberjack (1.0.3)
    method_source (0.8.1)
    mharris_ext (1.7.0)
      facets
      fattr
    mongo (1.8.5)
      bson (~> 1.8.5)
    multi_json (1.7.2)
    pry (0.9.12.1)
      coderay (~> 1.0.5)
      method_source (~> 0.8)
      slop (~> 3.4)
    rack (1.4.5)
    rake (10.0.4)
    rb-fsevent (0.9.3)
    rb-inotify (0.9.0)
      ffi (>= 0.5.0)
    rb-kqueue (0.2.0)
      ffi (>= 0.5.0)
    rdoc (3.12.2)
      json (~> 1.4)
    ref (1.0.4)
    rfuse (1.0.3)
    rfusefs (1.0.0)
      rfuse (~> 1.0)
    rspec (2.8.0)
      rspec-core (~> 2.8.0)
      rspec-expectations (~> 2.8.0)
      rspec-mocks (~> 2.8.0)
    rspec-core (2.8.0)
    rspec-expectations (2.8.0)
      diff-lcs (~> 1.1.2)
    rspec-mocks (2.8.0)
    slop (3.4.4)
    therubyracer (0.11.4)
      libv8 (~> 3.11.8.12)
      ref
    thor (0.18.1)
    tilt (1.3.7)
    watchr (0.7)

PLATFORMS
  ruby

DEPENDENCIES
  activesupport
  bson_ext
  bundler (>= 1.0.0)
  coffee-script
  guard
  jeweler (~> 1.8.4)
  lre
  mharris_ext
  mongo
  rdoc (~> 3.12)
  rfusefs
  rspec (~> 2.8.0)
  sprockets (= 2.2.2)!
  therubyracer
